GEM
  remote: https://rubygems.org/
  specs:
    minitest (5.11.3)
    rack (2.0.5)
    roda (3.8.0)
      rack
    sequel (5.9.0)

PLATFORMS
  ruby

DEPENDENCIES
  minitest
  roda
  sequel

BUNDLED WITH
   1.16.2
